GEM
  remote: https://rubygems.org/
  specs:
    httparty (0.18.1)
      mime-types (~> 3.0)
      multi_xml (>= 0.5.2)
    mime-types (3.3.1)
      mime-types-data (~> 3.2015)
    mime-types-data (3.2021.0704)
    mocha (1.13.0)
    multi_xml (0.6.0)
    power_assert (2.0.0)
    test-unit (3.4.4)
      power_assert

PLATFORMS
  x86_64-linux

DEPENDENCIES
  httparty
  mocha
  test-unit

BUNDLED WITH
   2.2.24
